PATH
  remote: .
  specs:
    spoom (1.0.9)
      colorize
      sorbet (~> 0.5.5)
      sorbet-runtime
      thor (>= 0.19.2)

GEM
  remote: https://rubygems.org/
  specs:
    ast (2.4.1)
    byebug (11.1.3)
    coderay (1.1.3)
    colorize (0.8.1)
    method_source (1.0.0)
    minitest (5.14.3)
    parallel (1.19.2)
    parser (2.7.1.4)
      ast (~> 2.4.1)
    pry (0.13.1)
      coderay (~> 1.1)
      method_source (~> 1.0)
    pry-byebug (3.9.0)
      byebug (~> 11.0)
      pry (~> 0.13.0)
    rainbow (3.0.0)
    rake (13.0.1)
    regexp_parser (1.7.1)
    rexml (3.2.4)
    rubocop (0.86.0)
      parallel (~> 1.10)
      parser (>= 2.7.0.1)
      rainbow (>= 2.2.2, < 4.0)
      regexp_parser (>= 1.7)
      rexml
      rubocop-ast (>= 0.0.3, < 1.0)
      ruby-progressbar (~> 1.7)
      unicode-display_width (>= 1.4.0, < 2.0)
    rubocop-ast (0.1.0)
      parser (>= 2.7.0.1)
    rubocop-shopify (1.0.4)
      rubocop (>= 0.85, < 0.87)
    rubocop-sorbet (0.4.0)
      rubocop
    ruby-progressbar (1.10.1)
    sorbet (0.5.6349)
      sorbet-static (= 0.5.6349)
    sorbet-runtime (0.5.6349)
    sorbet-static (0.5.6349-universal-darwin-14)
    thor (1.1.0)
    unicode-display_width (1.7.0)

PLATFORMS
  ruby

DEPENDENCIES
  bundler (~> 1.17)
  minitest (~> 5.0)
  pry-byebug
  rake (~> 13.0.1)
  rubocop-shopify
  rubocop-sorbet
  spoom!

BUNDLED WITH
   1.17.3
