PATH
  remote: .
  specs:
    spoom (1.6.1)
      erubi (>= 1.10.0)
      prism (>= 0.28.0)
      rbi (>= 0.3.1)
      sorbet-static-and-runtime (>= 0.5.10187)
      thor (>= 0.19.2)

GEM
  remote: https://rubygems.org/
  specs:
    ansi (1.5.0)
    ast (2.4.2)
    benchmark (0.4.0)
    builder (3.3.0)
    date (3.4.1)
    debug (1.10.0)
      irb (~> 1.10)
      reline (>= 0.3.8)
    erubi (1.13.1)
    io-console (0.8.0)
    irb (1.14.3)
      rdoc (>= 4.0.0)
      reline (>= 0.4.2)
    json (2.10.2)
    language_server-protocol (3.17.0.4)
    lint_roller (1.1.0)
    logger (1.6.6)
    minitest (5.25.5)
    minitest-reporters (1.7.1)
      ansi
      builder
      minitest (>= 5.0)
      ruby-progressbar
    netrc (0.11.0)
    parallel (1.26.3)
    parser (3.3.7.1)
      ast (~> 2.4.1)
      racc
    prism (1.3.0)
    psych (5.2.2)
      date
      stringio
    racc (1.8.1)
    rainbow (3.1.1)
    rake (13.2.1)
    rbi (0.3.1)
      prism (~> 1.0)
      rbs (>= 3.4.4)
      sorbet-runtime (>= 0.5.9204)
    rbs (3.8.1)
      logger
    rdoc (6.10.0)
      psych (>= 4.0.0)
    regexp_parser (2.10.0)
    reline (0.6.0)
      io-console (~> 0.5)
    rubocop (1.73.2)
      json (~> 2.3)
      language_server-protocol (~> 3.17.0.2)
      lint_roller (~> 1.1.0)
      parallel (~> 1.10)
      parser (>= 3.3.0.2)
      rainbow (>= 2.2.2, < 4.0)
      regexp_parser (>= 2.9.3, < 3.0)
      rubocop-ast (>= 1.38.0, < 2.0)
      ruby-progressbar (~> 1.7)
      unicode-display_width (>= 2.4.0, < 4.0)
    rubocop-ast (1.38.1)
      parser (>= 3.3.1.0)
    rubocop-shopify (2.16.0)
      rubocop (~> 1.62)
    rubocop-sorbet (0.9.0)
      lint_roller (~> 1.1)
      rubocop (>= 1)
    ruby-progressbar (1.13.0)
    sorbet (0.5.11934)
      sorbet-static (= 0.5.11934)
    sorbet-runtime (0.5.11934)
    sorbet-static (0.5.11934-universal-darwin)
    sorbet-static (0.5.11934-x86_64-linux)
    sorbet-static-and-runtime (0.5.11934)
      sorbet (= 0.5.11934)
      sorbet-runtime (= 0.5.11934)
    stringio (3.1.2)
    tapioca (0.16.11)
      benchmark
      bundler (>= 2.2.25)
      netrc (>= 0.11.0)
      parallel (>= 1.21.0)
      rbi (~> 0.2)
      sorbet-static-and-runtime (>= 0.5.11087)
      spoom (>= 1.2.0)
      thor (>= 1.2.0)
      yard-sorbet
    thor (1.3.2)
    unicode-display_width (3.1.4)
      unicode-emoji (~> 4.0, >= 4.0.4)
    unicode-emoji (4.0.4)
    yard (0.9.37)
    yard-sorbet (0.9.0)
      sorbet-runtime
      yard

PLATFORMS
  arm64-darwin-21
  arm64-darwin-23
  universal-darwin-22
  x86_64-linux

DEPENDENCIES
  bundler (>= 2.2.10)
  debug
  minitest (~> 5.0)
  minitest-reporters
  rake (~> 13.2.1)
  rubocop-shopify
  rubocop-sorbet
  spoom!
  tapioca

BUNDLED WITH
   2.5.6
