GIT
  remote: https://github.com/Shopify/rbi.git
  revision: 574748b2346f98353ce97e6d45a6e7d0d1390179
  branch: main
  specs:
    rbi (0.1.14)
      prism (>= 0.18.0, < 1.0.0)
      sorbet-runtime (>= 0.5.9204)

PATH
  remote: .
  specs:
    spoom (1.4.2)
      erubi (>= 1.10.0)
      prism (>= 0.28.0)
      rbi (>= 0.1.14)
      sorbet-static-and-runtime (>= 0.5.10187)
      thor (>= 0.19.2)

GEM
  remote: https://rubygems.org/
  specs:
    ansi (1.5.0)
    ast (2.4.2)
    builder (3.3.0)
    debug (1.9.2)
      irb (~> 1.10)
      reline (>= 0.3.8)
    erubi (1.13.0)
    io-console (0.7.2)
    irb (1.12.0)
      rdoc
      reline (>= 0.4.2)
    json (2.7.2)
    language_server-protocol (3.17.0.3)
    minitest (5.24.1)
    minitest-reporters (1.7.1)
      ansi
      builder
      minitest (>= 5.0)
      ruby-progressbar
    netrc (0.11.0)
    parallel (1.26.1)
    parser (3.3.4.0)
      ast (~> 2.4.1)
      racc
    prism (0.30.0)
    psych (5.1.2)
      stringio
    racc (1.8.0)
    rainbow (3.1.1)
    rake (13.2.1)
    rdoc (6.6.3.1)
      psych (>= 4.0.0)
    regexp_parser (2.9.2)
    reline (0.5.0)
      io-console (~> 0.5)
    rexml (3.3.3)
      strscan
    rubocop (1.65.0)
      json (~> 2.3)
      language_server-protocol (>= 3.17.0)
      parallel (~> 1.10)
      parser (>= 3.3.0.2)
      rainbow (>= 2.2.2, < 4.0)
      regexp_parser (>= 2.4, < 3.0)
      rexml (>= 3.2.5, < 4.0)
      rubocop-ast (>= 1.31.1, < 2.0)
      ruby-progressbar (~> 1.7)
      unicode-display_width (>= 2.4.0, < 3.0)
    rubocop-ast (1.31.3)
      parser (>= 3.3.1.0)
    rubocop-shopify (2.15.1)
      rubocop (~> 1.51)
    rubocop-sorbet (0.8.5)
      rubocop (>= 1)
    ruby-progressbar (1.13.0)
    sorbet (0.5.11517)
      sorbet-static (= 0.5.11517)
    sorbet-runtime (0.5.11517)
    sorbet-static (0.5.11517-universal-darwin)
    sorbet-static (0.5.11517-x86_64-linux)
    sorbet-static-and-runtime (0.5.11517)
      sorbet (= 0.5.11517)
      sorbet-runtime (= 0.5.11517)
    stringio (3.1.0)
    strscan (3.1.0)
    tapioca (0.16.0)
      bundler (>= 2.2.25)
      netrc (>= 0.11.0)
      parallel (>= 1.21.0)
      rbi (>= 0.1.14, < 0.2)
      sorbet-static-and-runtime (>= 0.5.11087)
      spoom (>= 1.2.0)
      thor (>= 1.2.0)
      yard-sorbet
    thor (1.3.1)
    unicode-display_width (2.5.0)
    yard (0.9.36)
    yard-sorbet (0.9.0)
      sorbet-runtime
      yard

PLATFORMS
  arm64-darwin-21
  arm64-darwin-23
  universal-darwin-22
  x86_64-linux

DEPENDENCIES
  bundler (>= 2.2.10)
  debug
  minitest (~> 5.0)
  minitest-reporters
  rake (~> 13.2.1)
  rbi!
  rubocop-shopify
  rubocop-sorbet
  spoom!
  tapioca

BUNDLED WITH
   2.5.6
