PATH
  remote: .
  specs:
    spoom (1.1.11)
      sorbet (>= 0.5.9204)
      sorbet-runtime (>= 0.5.9204)
      thor (>= 0.19.2)

GEM
  remote: https://rubygems.org/
  specs:
    abstract_type (0.0.7)
    adamantium (0.2.0)
      ice_nine (~> 0.11.0)
      memoizable (~> 0.4.0)
    anima (0.3.2)
      abstract_type (~> 0.0.7)
      adamantium (~> 0.2)
      equalizer (~> 0.0.11)
    ansi (1.5.0)
    ast (2.4.2)
    builder (3.2.4)
    byebug (11.1.3)
    coderay (1.1.3)
    concord (0.1.6)
      adamantium (~> 0.2.0)
      equalizer (~> 0.0.9)
    diff-lcs (1.4.4)
    equalizer (0.0.11)
    ice_nine (0.11.2)
    language_server-protocol (3.16.0.3)
    memoizable (0.4.2)
      thread_safe (~> 0.3, >= 0.3.1)
    method_source (1.0.0)
    minitest (5.16.0)
    minitest-reporters (1.5.0)
      ansi
      builder
      minitest (>= 5.0)
      ruby-progressbar
    mprelude (0.1.0)
      abstract_type (~> 0.0.7)
      adamantium (~> 0.2.0)
      concord (~> 0.1.5)
      equalizer (~> 0.0.9)
      ice_nine (~> 0.11.1)
      procto (~> 0.0.2)
    parallel (1.22.1)
    parser (3.1.2.0)
      ast (~> 2.4.1)
    prettier_print (0.1.0)
    procto (0.0.3)
    pry (0.13.1)
      coderay (~> 1.1)
      method_source (~> 1.0)
    pry-byebug (3.9.0)
      byebug (~> 11.0)
      pry (~> 0.13.0)
    rainbow (3.1.1)
    rake (13.0.1)
    rbi (0.0.6)
      ast
      parser
      sorbet-runtime (>= 0.5.9204)
      unparser
    regexp_parser (2.5.0)
    rexml (3.2.5)
    rubocop (1.30.1)
      parallel (~> 1.10)
      parser (>= 3.1.0.0)
      rainbow (>= 2.2.2, < 4.0)
      regexp_parser (>= 1.8, < 3.0)
      rexml (>= 3.2.5, < 4.0)
      rubocop-ast (>= 1.18.0, < 2.0)
      ruby-progressbar (~> 1.7)
      unicode-display_width (>= 1.4.0, < 3.0)
    rubocop-ast (1.18.0)
      parser (>= 3.1.1.0)
    rubocop-shopify (2.7.0)
      rubocop (~> 1.30)
    rubocop-sorbet (0.6.10)
      rubocop (>= 0.90.0)
    ruby-lsp (0.1.0)
      language_server-protocol
      rubocop (>= 1.0)
      sorbet-runtime
      syntax_tree (>= 2.4)
    ruby-progressbar (1.11.0)
    sorbet (0.5.10097)
      sorbet-static (= 0.5.10097)
    sorbet-runtime (0.5.10097)
    sorbet-static (0.5.10097-universal-darwin-14)
    sorbet-static (0.5.10097-universal-darwin-15)
    sorbet-static (0.5.10097-universal-darwin-16)
    sorbet-static (0.5.10097-universal-darwin-17)
    sorbet-static (0.5.10097-universal-darwin-18)
    sorbet-static (0.5.10097-universal-darwin-19)
    sorbet-static (0.5.10097-universal-darwin-20)
    sorbet-static (0.5.10097-universal-darwin-21)
    sorbet-static (0.5.10097-x86_64-linux)
    syntax_tree (2.7.1)
      prettier_print
    tapioca (0.5.4)
      bundler (>= 1.17.3)
      pry (>= 0.12.2)
      rbi
      sorbet-runtime
      sorbet-static (>= 0.5.6200)
      spoom
      thor (>= 0.19.2)
      yard-sorbet
    thor (1.2.1)
    thread_safe (0.3.6)
    unicode-display_width (2.1.0)
    unparser (0.5.5)
      abstract_type (~> 0.0.7)
      adamantium (~> 0.2.0)
      anima (~> 0.3.1)
      concord (~> 0.1.5)
      diff-lcs (~> 1.3)
      equalizer (~> 0.0.9)
      mprelude (~> 0.1.0)
      parser (>= 2.6.5)
      procto (~> 0.0.2)
    yard (0.9.26)
    yard-sorbet (0.6.1)
      sorbet-runtime (>= 0.5)
      yard (>= 0.9)

PLATFORMS
  ruby

DEPENDENCIES
  bundler (>= 2.2.10)
  minitest (~> 5.0)
  minitest-reporters
  pry-byebug
  rake (~> 13.0.1)
  rubocop-shopify
  rubocop-sorbet
  ruby-lsp
  spoom!
  tapioca

BUNDLED WITH
   2.3.11
